GEM
  remote: https://rubygems.org/
  specs:
    archive-tar-minitar (0.5.2)
    childprocess (0.3.8)
      ffi (~> 1.0, >= 1.0.11)
    erubis (2.7.0)
    facter (1.6.17)
    ffi (1.4.0)
    hiera (1.1.2)
      json_pure
    i18n (0.6.1)
    json (1.5.5)
    json_pure (1.7.7)
    librarian-puppet (0.9.8)
      json
      thor (~> 0.15)
    librarian-puppet-vagrant (0.0.1)
    log4r (1.1.10)
    net-scp (1.0.4)
      net-ssh (>= 1.99.1)
    net-ssh (2.2.2)
    puppet (3.1.0)
      facter (~> 1.6)
      hiera (~> 1.0)
    thor (0.17.0)
    vagrant (1.0.6)
      archive-tar-minitar (= 0.5.2)
      childprocess (~> 0.3.1)
      erubis (~> 2.7.0)
      i18n (~> 0.6.0)
      json (~> 1.5.1)
      log4r (~> 1.1.9)
      net-scp (~> 1.0.4)
      net-ssh (~> 2.2.2)
    vagrant-hostmaster (0.8.1)
      vagrant (~> 1.0.3)

PLATFORMS
  ruby

DEPENDENCIES
  librarian-puppet
  librarian-puppet-vagrant
  puppet
  vagrant
  vagrant-hostmaster
